STORAGE: NONE
RESTRICTION: == netstandard2.0
NUGET
  remote: https://api.nuget.org/v3/index.json
    FSharp.Core (4.7)
    Microsoft.Bcl.AsyncInterfaces (6.0)
      System.Threading.Tasks.Extensions (>= 4.5.4)
    Microsoft.Build.Tasks.Git (1.1.1) - copy_local: true
    Microsoft.SourceLink.Common (1.1.1) - copy_local: true
    Microsoft.SourceLink.GitHub (1.1.1) - copy_local: true
      Microsoft.Build.Tasks.Git (>= 1.1.1)
      Microsoft.SourceLink.Common (>= 1.1.1)
    Nerdbank.GitVersioning (3.5.107) - copy_local: true
    System.Buffers (4.5.1)
    System.Memory (4.5.5)
      System.Buffers (>= 4.5.1)
      System.Numerics.Vectors (>= 4.4)
      System.Runtime.CompilerServices.Unsafe (>= 4.5.3)
    System.Numerics.Vectors (4.5)
    System.Runtime.CompilerServices.Unsafe (6.0)
    System.Text.Encodings.Web (6.0)
      System.Buffers (>= 4.5.1)
      System.Memory (>= 4.5.4)
      System.Runtime.CompilerServices.Unsafe (>= 6.0)
    System.Text.Json (6.0)
      Microsoft.Bcl.AsyncInterfaces (>= 6.0)
      System.Buffers (>= 4.5.1)
      System.Memory (>= 4.5.4)
      System.Numerics.Vectors (>= 4.5)
      System.Runtime.CompilerServices.Unsafe (>= 6.0)
      System.Text.Encodings.Web (>= 6.0)
      System.Threading.Tasks.Extensions (>= 4.5.4)
    System.Threading.Tasks.Extensions (4.5.4)
      System.Runtime.CompilerServices.Unsafe (>= 4.5.3)

GROUP test
STORAGE: NONE
RESTRICTION: == net6.0
NUGET
  remote: https://api.nuget.org/v3/index.json
    BenchmarkDotNet (0.13.1)
      BenchmarkDotNet.Annotations (>= 0.13.1)
      CommandLineParser (>= 2.4.3)
      Iced (>= 1.8)
      Microsoft.CodeAnalysis.CSharp (>= 2.10)
      Microsoft.Diagnostics.NETCore.Client (>= 0.2.61701)
      Microsoft.Diagnostics.Runtime (>= 1.1.126102)
      Microsoft.Diagnostics.Tracing.TraceEvent (>= 2.0.61)
      Microsoft.DotNet.PlatformAbstractions (>= 2.1)
      Microsoft.Win32.Registry (>= 4.5)
      Perfolizer (>= 0.2.1)
      System.Management (>= 4.5)
      System.Reflection.Emit (>= 4.3)
      System.Reflection.Emit.Lightweight (>= 4.3)
      System.Threading.Tasks.Extensions (>= 4.5.2)
      System.ValueTuple (>= 4.5)
    BenchmarkDotNet.Annotations (0.13.1)
    CommandLineParser (2.9.1)
    FsCheck (2.16.5)
      FSharp.Core (>= 4.2.3)
    FsCheck.XUnit (2.16.5)
      FsCheck (2.16.5)
      xunit.extensibility.execution (>= 2.2 < 3.0)
    FSharp.Core (6.0.5)
    Iced (1.17)
    Microsoft.Bcl.AsyncInterfaces (6.0)
    Microsoft.CodeAnalysis.Analyzers (3.3.3)
    Microsoft.CodeAnalysis.Common (4.2)
      Microsoft.CodeAnalysis.Analyzers (>= 3.3.3)
      System.Collections.Immutable (>= 5.0)
      System.Memory (>= 4.5.4)
      System.Reflection.Metadata (>= 5.0)
      System.Runtime.CompilerServices.Unsafe (>= 6.0)
      System.Text.Encoding.CodePages (>= 6.0)
      System.Threading.Tasks.Extensions (>= 4.5.4)
    Microsoft.CodeAnalysis.CSharp (4.2)
      Microsoft.CodeAnalysis.Common (4.2)
    Microsoft.CodeCoverage (17.2)
    Microsoft.Diagnostics.NETCore.Client (0.2.328102)
      Microsoft.Bcl.AsyncInterfaces (>= 1.1)
      Microsoft.Extensions.Logging (>= 2.1.1)
    Microsoft.Diagnostics.Runtime (2.1.327703)
      Microsoft.Diagnostics.NETCore.Client (>= 0.2.251802)
      System.Collections.Immutable (>= 5.0)
      System.Runtime.CompilerServices.Unsafe (>= 5.0)
    Microsoft.Diagnostics.Tracing.TraceEvent (3.0.1)
      System.Runtime.CompilerServices.Unsafe (>= 4.5.2)
    Microsoft.DotNet.PlatformAbstractions (3.1.6)
    Microsoft.Extensions.DependencyInjection (6.0)
      Microsoft.Extensions.DependencyInjection.Abstractions (>= 6.0)
      System.Runtime.CompilerServices.Unsafe (>= 6.0)
    Microsoft.Extensions.DependencyInjection.Abstractions (6.0)
    Microsoft.Extensions.Logging (6.0)
      Microsoft.Extensions.DependencyInjection (>= 6.0)
      Microsoft.Extensions.DependencyInjection.Abstractions (>= 6.0)
      Microsoft.Extensions.Logging.Abstractions (>= 6.0)
      Microsoft.Extensions.Options (>= 6.0)
      System.Diagnostics.DiagnosticSource (>= 6.0)
    Microsoft.Extensions.Logging.Abstractions (6.0.1)
    Microsoft.Extensions.Options (6.0)
      Microsoft.Extensions.DependencyInjection.Abstractions (>= 6.0)
      Microsoft.Extensions.Primitives (>= 6.0)
    Microsoft.Extensions.Primitives (6.0)
      System.Runtime.CompilerServices.Unsafe (>= 6.0)
    Microsoft.NET.Test.Sdk (16.3)
      Microsoft.CodeCoverage (>= 16.3)
      Microsoft.TestPlatform.TestHost (>= 16.3)
    Microsoft.NETCore.Platforms (6.0.4)
    Microsoft.TestPlatform.ObjectModel (17.2)
      NuGet.Frameworks (>= 5.11)
      System.Reflection.Metadata (>= 1.6)
    Microsoft.TestPlatform.TestHost (17.2)
      Microsoft.TestPlatform.ObjectModel (>= 17.2)
      Newtonsoft.Json (>= 9.0.1)
    Microsoft.Win32.Registry (5.0)
      System.Security.AccessControl (>= 5.0)
      System.Security.Principal.Windows (>= 5.0)
    NETStandard.Library (2.0.3)
      Microsoft.NETCore.Platforms (>= 1.1)
    Newtonsoft.Json (13.0.1)
    NuGet.Frameworks (6.2.1)
    Perfolizer (0.2.1)
      System.Memory (>= 4.5.3)
    System.CodeDom (6.0)
    System.Collections.Immutable (6.0)
      System.Runtime.CompilerServices.Unsafe (>= 6.0)
    System.Diagnostics.DiagnosticSource (6.0)
      System.Runtime.CompilerServices.Unsafe (>= 6.0)
    System.Management (6.0)
      System.CodeDom (>= 6.0)
    System.Memory (4.5.5)
    System.Reflection.Emit (4.7)
    System.Reflection.Emit.Lightweight (4.7)
    System.Reflection.Metadata (6.0.1)
      System.Collections.Immutable (>= 6.0)
    System.Runtime.CompilerServices.Unsafe (6.0)
    System.Security.AccessControl (6.0)
    System.Security.Principal.Windows (5.0)
    System.Text.Encoding.CodePages (6.0)
      System.Runtime.CompilerServices.Unsafe (>= 6.0)
    System.Text.Encodings.Web (6.0)
      System.Runtime.CompilerServices.Unsafe (>= 6.0)
    System.Text.Json (6.0.5)
      System.Runtime.CompilerServices.Unsafe (>= 6.0)
      System.Text.Encodings.Web (>= 6.0)
    System.Threading.Tasks.Extensions (4.5.4)
    System.ValueTuple (4.5)
    xunit (2.4.1)
      xunit.analyzers (>= 0.10)
      xunit.assert (2.4.1)
      xunit.core (2.4.1)
    xunit.abstractions (2.0.3)
    xunit.analyzers (0.10)
    xunit.assert (2.4.1)
      NETStandard.Library (>= 1.6.1)
    xunit.core (2.4.1)
      xunit.extensibility.core (2.4.1)
      xunit.extensibility.execution (2.4.1)
    xunit.extensibility.core (2.4.1)
      NETStandard.Library (>= 1.6.1)
      xunit.abstractions (>= 2.0.3)
    xunit.extensibility.execution (2.4.1)
      NETStandard.Library (>= 1.6.1)
      xunit.extensibility.core (2.4.1)
    xunit.runner.visualstudio (2.4.5)

GROUP trimtest
STORAGE: NONE
RESTRICTION: == net6.0
NUGET
  remote: https://api.nuget.org/v3/index.json
    FsCheck (2.16.5)
      FSharp.Core (>= 4.2.3)
    FsCheck.XUnit (2.16.5)
      FsCheck (2.16.5)
      xunit.extensibility.execution (>= 2.2 < 3.0)
    FSharp.Core (6.0.5)
    Microsoft.CodeCoverage (17.2)
    Microsoft.NET.Test.Sdk (16.3)
      Microsoft.CodeCoverage (>= 16.3)
      Microsoft.TestPlatform.TestHost (>= 16.3)
    Microsoft.NETCore.Platforms (6.0.4)
    Microsoft.NETCore.Targets (5.0)
    Microsoft.TestPlatform.ObjectModel (17.2)
      NuGet.Frameworks (>= 5.11)
      System.Reflection.Metadata (>= 1.6)
    Microsoft.TestPlatform.TestHost (17.2)
      Microsoft.TestPlatform.ObjectModel (>= 17.2)
      Newtonsoft.Json (>= 9.0.1)
    NETStandard.Library (2.0.3)
      Microsoft.NETCore.Platforms (>= 1.1)
    Newtonsoft.Json (13.0.1)
    NuGet.Frameworks (6.2.1)
    System.Collections.Immutable (6.0)
      System.Runtime.CompilerServices.Unsafe (>= 6.0)
    System.IO (4.3)
      Microsoft.NETCore.Platforms (>= 1.1)
      Microsoft.NETCore.Targets (>= 1.1)
      System.Runtime (>= 4.3)
      System.Text.Encoding (>= 4.3)
      System.Threading.Tasks (>= 4.3)
    System.Reflection (4.3)
      Microsoft.NETCore.Platforms (>= 1.1)
      Microsoft.NETCore.Targets (>= 1.1)
      System.IO (>= 4.3)
      System.Reflection.Primitives (>= 4.3)
      System.Runtime (>= 4.3)
    System.Reflection.Metadata (6.0.1)
      System.Collections.Immutable (>= 6.0)
    System.Reflection.Primitives (4.3)
      Microsoft.NETCore.Platforms (>= 1.1)
      Microsoft.NETCore.Targets (>= 1.1)
      System.Runtime (>= 4.3)
    System.Runtime (4.3.1)
      Microsoft.NETCore.Platforms (>= 1.1.1)
      Microsoft.NETCore.Targets (>= 1.1.3)
    System.Runtime.CompilerServices.Unsafe (6.0)
    System.Runtime.Loader (4.3)
      System.IO (>= 4.3)
      System.Reflection (>= 4.3)
      System.Runtime (>= 4.3)
    System.Text.Encoding (4.3)
      Microsoft.NETCore.Platforms (>= 1.1)
      Microsoft.NETCore.Targets (>= 1.1)
      System.Runtime (>= 4.3)
    System.Text.Encodings.Web (6.0)
      System.Runtime.CompilerServices.Unsafe (>= 6.0)
    System.Text.Json (6.0.5)
      System.Runtime.CompilerServices.Unsafe (>= 6.0)
      System.Text.Encodings.Web (>= 6.0)
    System.Threading.Tasks (4.3)
      Microsoft.NETCore.Platforms (>= 1.1)
      Microsoft.NETCore.Targets (>= 1.1)
      System.Runtime (>= 4.3)
    xunit (2.4.1)
      xunit.analyzers (>= 0.10)
      xunit.assert (2.4.1)
      xunit.core (2.4.1)
    xunit.abstractions (2.0.3)
    xunit.analyzers (0.10)
    xunit.assert (2.4.1)
      NETStandard.Library (>= 1.6.1)
    xunit.console (2.4.1)
      xunit.runner.reporters (2.4.1)
    xunit.core (2.4.1)
      xunit.extensibility.core (2.4.1)
      xunit.extensibility.execution (2.4.1)
    xunit.extensibility.core (2.4.1)
      NETStandard.Library (>= 1.6.1)
      xunit.abstractions (>= 2.0.3)
    xunit.extensibility.execution (2.4.1)
      NETStandard.Library (>= 1.6.1)
      xunit.extensibility.core (2.4.1)
    xunit.runner.reporters (2.4.1)
      NETStandard.Library (>= 1.6)
      xunit.runner.utility (2.4.1)
    xunit.runner.utility (2.4.1)
      NETStandard.Library (>= 1.6)
      System.Runtime.Loader (>= 4.0)
      xunit.abstractions (>= 2.0.3)
